{
  "InstitutionAddress": "9500 Gilman Drive, La Jolla CA 92093, USA",
  "InstitutionName": "University of California, San Diego",
  "InstitutionalDepartmentName": "Institute of Neural Computation",
  "SamplingFrequency": 256,
  "PowerLineFrequency": 60,
  "Manufacturer": "BioSemi",
  "EEGReference": "Average Rereference",
  "EEGPlacementScheme": "10-20",
  "ManufacturersModelName": "ActiveTwo Mk2",
  "TaskName": "hypnotherapy",
  "EEGChannelCount": 64,
  "RecordingType": "continuous",
  "RecordingDuration": 1671.66796875,
  "SoftwareFilters": "n/a"
}